PATH
  remote: .
  specs:
    coolsms-rb (0.3.2)
      activesupport
      awesome_print
      coaster
      faraday (>= 2.0)
      oj
      tzinfo

GEM
  remote: http://rubygems.org/
  specs:
    activesupport (7.0.5)
      concurrent-ruby (~> 1.0, >= 1.0.2)
      i18n (>= 1.6, < 2)
      minitest (>= 5.1)
      tzinfo (~> 2.0)
    attr_extras (5.2.0)
    awesome_print (1.9.2)
    binding_of_caller (1.0.0)
      debug_inspector (>= 0.0.1)
    byebug (11.1.3)
    coaster (1.3.28)
      activesupport (>= 6.0.3.1)
      attr_extras (~> 5.2)
      i18n (>= 1.0)
      oj
      rake (>= 10.0)
    coderay (1.1.3)
    concurrent-ruby (1.2.2)
    debug_inspector (1.1.0)
    faraday (2.7.5)
      faraday-net_http (>= 2.0, < 3.1)
      ruby2_keywords (>= 0.0.4)
    faraday-net_http (3.0.2)
    forgery (0.8.1)
    i18n (1.13.0)
      concurrent-ruby (~> 1.0)
    method_source (1.0.0)
    minitest (5.18.0)
    mocha (2.0.2)
      ruby2_keywords (>= 0.0.5)
    oj (3.14.3)
    pry (0.14.2)
      coderay (~> 1.1)
      method_source (~> 1.0)
    pry-byebug (3.10.1)
      byebug (~> 11.0)
      pry (>= 0.13, < 0.15)
    pry-stack_explorer (0.6.1)
      binding_of_caller (~> 1.0)
      pry (~> 0.13)
    rake (13.0.6)
    ruby2_keywords (0.0.5)
    shoulda (4.0.0)
      shoulda-context (~> 2.0)
      shoulda-matchers (~> 4.0)
    shoulda-context (2.0.0)
    shoulda-matchers (4.5.1)
      activesupport (>= 4.2.0)
    tzinfo (2.0.6)
      concurrent-ruby (~> 1.0)
    vcr (6.1.0)

PLATFORMS
  arm64-darwin-21
  arm64-darwin-22

DEPENDENCIES
  bundler (>= 1.12)
  coolsms-rb!
  forgery (>= 0.6)
  minitest (>= 5.0)
  mocha (>= 1.0)
  pry (>= 0.8)
  pry-byebug (>= 3.0)
  pry-stack_explorer (>= 0.4)
  shoulda (>= 3.0)
  shoulda-context (>= 1.0)
  vcr

BUNDLED WITH
   2.4.5
